GEM
  remote: http://rubygems.org/
  specs:
    base64 (0.2.0)
    json (1.6.5)
    logger (1.6.1)
    macaddr (1.5.0)
      systemu (>= 2.4.0)
    multi_json (1.0.4)
    mustermann (3.0.3)
      ruby2_keywords (~> 0.0.1)
    pusher (0.9.2)
      multi_json (~> 1.0)
      ruby-hmac (~> 0.4.0)
      signature (~> 0.1.2)
    rack (3.1.8)
    rack-protection (4.1.0)
      base64 (>= 0.1.0)
      logger (>= 1.6.0)
      rack (>= 3.0.0, < 4)
    rack-session (2.0.0)
      rack (>= 3.0.0)
    ruby-hmac (0.4.0)
    ruby2_keywords (0.0.5)
    signature (0.1.2)
      ruby-hmac
    sinatra (4.1.0)
      logger (>= 1.6.0)
      mustermann (~> 3.0)
      rack (>= 3.0.0, < 4)
      rack-protection (= 4.1.0)
      rack-session (>= 2.0.0, < 3)
      tilt (~> 2.0)
    systemu (2.4.2)
    tilt (2.4.0)
    uuid (2.3.5)
      macaddr (~> 1.0)

PLATFORMS
  ruby

DEPENDENCIES
  json
  pusher
  sinatra
  uuid
